PATH
  remote: .
  specs:
    sinatra-sprockets (0.0.3)
      activesupport
      closure-compiler
      execjs
      sprockets (~> 2.8.2)
      uglifier
      uglifier
      yui-compressor

GEM
  remote: http://rubygems.org/
  specs:
    POpen4 (0.1.4)
      Platform (>= 0.4.0)
      open4
    Platform (0.4.0)
    activesupport (3.2.11)
      i18n (~> 0.6)
      multi_json (~> 1.0)
    closure-compiler (1.1.7)
    execjs (1.4.0)
      multi_json (~> 1.0)
    hike (1.2.1)
    i18n (0.6.1)
    multi_json (1.5.0)
    open4 (1.3.0)
    rack (1.5.1)
    sprockets (2.8.2)
      hike (~> 1.2)
      multi_json (~> 1.0)
      rack (~> 1.0)
      tilt (~> 1.1, != 1.3.0)
    tilt (1.3.3)
    uglifier (1.3.0)
      execjs (>= 0.3.0)
      multi_json (~> 1.0, >= 1.0.2)
    yui-compressor (0.9.6)
      POpen4 (>= 0.1.4)

PLATFORMS
  ruby

DEPENDENCIES
  closure-compiler
  execjs
  sinatra-sprockets!
  sprockets (~> 2.8.2)
  uglifier
  yui-compressor
